GEM
  remote: https://rubygems.org/
  specs:
    bubble-wrap (1.5.0)
    motion-layout (0.0.2)
    rake (0.9.2.2)
    sugarcube (1.5.4)

PLATFORMS
  ruby

DEPENDENCIES
  bubble-wrap (~> 1.5.0)
  motion-layout
  rake
  sugarcube
