GEM
  remote: https://rubygems.org/
  specs:
    motion-layout (0.0.2)
    rake (0.9.2.2)

PLATFORMS
  ruby

DEPENDENCIES
  motion-layout
  rake
